GEM
  remote: http://rubygems.org/
  specs:
    activemodel (3.2.6)
      activesupport (= 3.2.6)
      builder (~> 3.0.0)
    activerecord (3.2.6)
      activemodel (= 3.2.6)
      activesupport (= 3.2.6)
      arel (~> 3.0.2)
      tzinfo (~> 0.3.29)
    activesupport (3.2.6)
      i18n (~> 0.6)
      multi_json (~> 1.0)
    addressable (2.2.8)
    arel (3.0.2)
    builder (3.0.0)
    data_objects (0.10.8)
      addressable (~> 2.1)
    dm-core (1.2.0)
      addressable (~> 2.2.6)
    dm-do-adapter (1.2.0)
      data_objects (~> 0.10.6)
      dm-core (~> 1.2.0)
    dm-migrations (1.2.0)
      dm-core (~> 1.2.0)
    dm-mysql-adapter (1.2.0)
      dm-do-adapter (~> 1.2.0)
      do_mysql (~> 0.10.6)
    dm-postgres-adapter (1.2.0)
      dm-do-adapter (~> 1.2.0)
      do_postgres (~> 0.10.6)
    dm-sqlite-adapter (1.2.0)
      dm-do-adapter (~> 1.2.0)
      do_sqlite3 (~> 0.10.6)
    do_mysql (0.10.8)
      data_objects (= 0.10.8)
    do_postgres (0.10.8)
      data_objects (= 0.10.8)
    do_sqlite3 (0.10.8)
      data_objects (= 0.10.8)
    em-synchrony (1.0.2)
      eventmachine (>= 1.0.0.beta.1)
    eventmachine (1.0.0)
    home_run (1.0.6)
    i18n (0.6.0)
    multi_json (1.3.6)
    mysql2 (0.3.11)
    pg (0.14.0)
    pg_typecast (0.1.2)
      pg (>= 0.9.0)
    sequel (3.37.0)
    sequel_pg (1.5.0)
      pg (>= 0.8.0)
      sequel (>= 3.36.0)
    sqlite3 (1.3.6)
    sqlite3-ruby (1.3.3)
      sqlite3 (>= 1.3.3)
    swift-db-mysql (0.2.0)
    swift-db-postgres (0.2.3)
    swift-db-sqlite3 (0.1.2)
    tzinfo (0.3.33)

PLATFORMS
  ruby

DEPENDENCIES
  activerecord
  builder
  data_objects
  dm-core
  dm-do-adapter
  dm-migrations
  dm-mysql-adapter
  dm-postgres-adapter
  dm-sqlite-adapter
  do_mysql
  do_postgres
  do_sqlite3
  em-synchrony
  eventmachine
  home_run
  i18n
  mysql2
  pg
  pg_typecast
  sequel
  sequel_pg
  sqlite3-ruby
  swift-db-mysql
  swift-db-postgres
  swift-db-sqlite3
