PATH
  remote: .
  specs:
    swift (1.2.0)

GEM
  remote: https://rubygems.org/
  specs:
    activerecord (2.3.18)
      activesupport (= 2.3.18)
    activesupport (2.3.18)
    addressable (2.3.5)
    builder (3.2.2)
    data_objects (0.10.13)
      addressable (~> 2.1)
    dm-core (1.2.1)
      addressable (~> 2.3)
    dm-do-adapter (1.2.0)
      data_objects (~> 0.10.6)
      dm-core (~> 1.2.0)
    dm-migrations (1.2.0)
      dm-core (~> 1.2.0)
    dm-mysql-adapter (1.2.0)
      dm-do-adapter (~> 1.2.0)
      do_mysql (~> 0.10.6)
    dm-postgres-adapter (1.2.0)
      dm-do-adapter (~> 1.2.0)
      do_postgres (~> 0.10.6)
    dm-sqlite-adapter (1.2.0)
      dm-do-adapter (~> 1.2.0)
      do_sqlite3 (~> 0.10.6)
    do_mysql (0.10.13)
      data_objects (= 0.10.13)
    do_postgres (0.10.13)
      data_objects (= 0.10.13)
    do_sqlite3 (0.10.13)
      data_objects (= 0.10.13)
    em-synchrony (1.0.3)
      eventmachine (>= 1.0.0.beta.1)
    eventmachine (1.0.3)
    home_run (1.0.9)
    i18n (0.6.5)
    minitest (5.0.8)
    mysql2 (0.3.14)
    pg (0.17.0)
    pg_typecast (0.1.3)
      pg (>= 0.9.0)
    rake (10.1.0)
    sequel (4.4.0)
    sequel_pg (1.6.8)
      pg (>= 0.8.0)
      sequel (>= 3.39.0)
    sqlite3 (1.3.8)
    sqlite3-ruby (1.3.3)
      sqlite3 (>= 1.3.3)
    swift-db-mysql (0.3.0)
    swift-db-postgres (0.3.0)
    swift-db-sqlite3 (0.1.3)
    yard (0.8.7.3)

PLATFORMS
  ruby

DEPENDENCIES
  activerecord
  builder
  data_objects
  dm-core
  dm-do-adapter
  dm-migrations
  dm-mysql-adapter
  dm-postgres-adapter
  dm-sqlite-adapter
  do_mysql
  do_postgres
  do_sqlite3
  em-synchrony
  eventmachine
  home_run
  i18n
  minitest (>= 1.7.0)
  mysql2
  pg
  pg_typecast
  rake
  sequel
  sequel_pg
  sqlite3-ruby
  swift!
  swift-db-mysql
  swift-db-postgres
  swift-db-sqlite3
  yard
