PATH
  remote: .
  specs:
    swift (1.2.0)

GEM
  remote: https://rubygems.org/
  specs:
    em-synchrony (1.0.3)
      eventmachine (>= 1.0.0.beta.1)
    eventmachine (1.0.3)
    minitest (5.0.8)
    rake (10.1.0)
    swift-db-mysql (0.3.0)
    swift-db-postgres (0.3.0)
    swift-db-sqlite3 (0.1.3)
    yard (0.8.7.3)

PLATFORMS
  ruby

DEPENDENCIES
  em-synchrony
  eventmachine
  minitest (>= 1.7.0)
  rake
  swift!
  swift-db-mysql
  swift-db-postgres
  swift-db-sqlite3
  yard
