GEM
  remote: http://rubygems.org/
  specs:
    activemodel (3.0.5)
      activesupport (= 3.0.5)
      builder (~> 2.1.2)
      i18n (~> 0.4)
    activerecord (3.0.5)
      activemodel (= 3.0.5)
      activesupport (= 3.0.5)
      arel (~> 2.0.2)
      tzinfo (~> 0.3.23)
    activesupport (3.0.5)
    addressable (2.2.4)
    arel (2.0.9)
    builder (2.1.2)
    data_objects (0.10.3)
      addressable (~> 2.1)
    dm-core (1.1.0)
      addressable (~> 2.2.4)
    dm-do-adapter (1.1.0)
      data_objects (~> 0.10.2)
      dm-core (~> 1.1.0)
    dm-migrations (1.1.0)
      dm-core (~> 1.1.0)
    dm-mysql-adapter (1.1.0)
      dm-do-adapter (~> 1.1.0)
      do_mysql (~> 0.10.2)
    dm-postgres-adapter (1.1.0)
      dm-do-adapter (~> 1.1.0)
      do_postgres (~> 0.10.2)
    dm-sqlite-adapter (1.1.0)
      dm-do-adapter (~> 1.1.0)
      do_sqlite3 (~> 0.10.2)
    do_mysql (0.10.3)
      data_objects (= 0.10.3)
    do_postgres (0.10.3)
      data_objects (= 0.10.3)
    do_sqlite3 (0.10.3)
      data_objects (= 0.10.3)
    home_run (1.0.6)
    i18n (0.4.1)
    mysql2 (0.2.6)
    pg (0.10.1)
    pg_typecast (0.1.1)
      pg (>= 0.9.0)
    sequel (3.30.0)
    sequel_pg (1.2.0)
      pg (>= 0.8.0)
      sequel (>= 3.29.0)
    sqlite3 (1.3.3)
    sqlite3-ruby (1.3.3)
      sqlite3 (>= 1.3.3)
    tzinfo (0.3.25)

PLATFORMS
  ruby

DEPENDENCIES
  activerecord (= 3.0.5)
  addressable (= 2.2.4)
  builder (= 2.1.2)
  data_objects (>= 0.10.3)
  dm-core (~> 1.1.0)
  dm-do-adapter (~> 1.1.0)
  dm-migrations (~> 1.1.0)
  dm-mysql-adapter (~> 1.1.0)
  dm-postgres-adapter (~> 1.1.0)
  dm-sqlite-adapter (~> 1.1.0)
  do_mysql (>= 0.10.3)
  do_postgres (>= 0.10.3)
  do_sqlite3 (>= 0.10.3)
  home_run
  i18n (= 0.4.1)
  mysql2 (= 0.2.6)
  pg (= 0.10.1)
  pg_typecast (= 0.1.1)
  sequel (= 3.30.0)
  sequel_pg (= 1.2.0)
  sqlite3-ruby
